GEM
  remote: https://rubygems.org/
  specs:
    backports (3.8.0)
    rack (1.4.7)
    sinatra (1.2.9)
      backports
      rack (~> 1.1, < 1.5)
      tilt (>= 1.2.2, < 2.0)
    slim (3.0.8)
      temple (>= 0.7.6, < 0.9)
      tilt (>= 1.3.3, < 2.1)
    temple (0.8.0)
    tilt (1.4.1)

PLATFORMS
  ruby

DEPENDENCIES
  rack (< 2.0)
  sinatra
  slim

BUNDLED WITH
   1.15.3
